GEM
  remote: https://ruby.taobao.org/
  specs:
    byebug (8.2.2)
    minitest (5.8.4)
    rake (10.5.0)

PLATFORMS
  ruby

DEPENDENCIES
  byebug
  minitest (~> 5.8)
  rake
